GEM
  remote: https://gems.ruby-china.com/
  specs:
    Ascii85 (1.0.3)
    addressable (2.8.0)
      public_suffix (>= 2.0.2, < 5.0)
    afm (0.2.2)
    asciidoctor (2.0.10)
    asciidoctor-diagram (2.0.0)
      asciidoctor (>= 1.5.7, < 3.x)
    asciidoctor-epub3 (1.5.0.alpha.9)
      asciidoctor (>= 1.5.0, < 3.0.0)
      concurrent-ruby (~> 1.1.5)
      gepub (~> 1.0.2)
      thread_safe (~> 0.3.6)
    asciidoctor-pdf (1.5.0.beta.8)
      asciidoctor (>= 1.5.3, < 3.0.0)
      concurrent-ruby (~> 1.1.0)
      prawn (~> 2.2.0)
      prawn-icon (~> 2.5.0)
      prawn-svg (~> 0.30.0)
      prawn-table (~> 0.2.0)
      prawn-templates (~> 0.1.0)
      safe_yaml (~> 1.0.0)
      thread_safe (~> 0.3.0)
      treetop (~> 1.5.0)
    coderay (1.1.2)
    concurrent-ruby (1.1.5)
    css_parser (1.7.1)
      addressable
    gepub (1.0.6)
      nokogiri (>= 1.8.2, < 1.11)
      rubyzip (> 1.1.1, < 2.1)
    hashery (2.1.2)
    method_source (0.9.2)
    mini_portile2 (2.4.0)
    multi_json (1.14.1)
    nokogiri (1.10.8)
      mini_portile2 (~> 2.4.0)
    pdf-core (0.7.0)
    pdf-reader (2.4.0)
      Ascii85 (~> 1.0.0)
      afm (~> 0.2.1)
      hashery (~> 2.0)
      ruby-rc4
      ttfunk
    polyglot (0.3.5)
    prawn (2.2.2)
      pdf-core (~> 0.7.0)
      ttfunk (~> 1.5)
    prawn-icon (2.5.0)
      prawn (>= 1.1.0, < 3.0.0)
    prawn-svg (0.30.0)
      css_parser (~> 1.6)
      prawn (>= 0.11.1, < 3)
    prawn-table (0.2.2)
      prawn (>= 1.3.0, < 3.0.0)
    prawn-templates (0.1.2)
      pdf-reader (~> 2.0)
      prawn (~> 2.2)
    pry (0.12.2)
      coderay (~> 1.1.0)
      method_source (~> 0.9.0)
    public_suffix (4.0.6)
    pygments.rb (1.2.1)
      multi_json (>= 1.0.0)
    rake (13.0.1)
    rouge (3.14.0)
    ruby-rc4 (0.1.5)
    rubyzip (2.0.0)
    safe_yaml (1.0.5)
    thread_safe (0.3.6)
    treetop (1.5.3)
      polyglot (~> 0.3)
    ttfunk (1.5.1)

PLATFORMS
  ruby

DEPENDENCIES
  asciidoctor (~> 2.0, >= 2.0.10)
  asciidoctor-diagram (~> 2.0)
  asciidoctor-epub3 (~> 1.5.0.alpha.9)
  asciidoctor-pdf (~> 1.5.0.beta.8)
  coderay (~> 1.1, >= 1.1.2)
  prawn-svg (~> 0.30.0)
  pry (~> 0.12.2)
  pygments.rb (~> 1.2, >= 1.2.1)
  rake (~> 13.0, >= 13.0.1)
  rouge (~> 3.14)

BUNDLED WITH
   2.0.1
